PATH
  remote: .
  specs:
    locomotivecms_mounter (1.4.1)
      RedCloth (~> 4.2.3)
      activesupport (~> 3.2.18)
      chronic (~> 0.10.2)
      coffee-script (~> 2.2.0)
      colorize (~> 0.5.8)
      compass (~> 0.12.2)
      haml (~> 4.0.5)
      httmultiparty (= 0.3.10)
      i18n (~> 0.6.0)
      json (~> 1.8.0)
      less (~> 2.2.1)
      logger
      mime-types (~> 1.19)
      multi_json (~> 1.8.4)
      sass (>= 3.2)
      sprockets (~> 2.0)
      sprockets-sass
      stringex (~> 2.0.3)
      tilt (= 1.4.1)
      tzinfo (~> 0.3.29)
      zip (~> 2.0.2)

GEM
  remote: http://rubygems.org/
  specs:
    RedCloth (4.2.9)
    activesupport (3.2.18)
      i18n (~> 0.6, >= 0.6.4)
      multi_json (~> 1.0)
    addressable (2.3.6)
    chronic (0.10.2)
    chunky_png (1.3.1)
    coffee-script (2.2.0)
      coffee-script-source
      execjs
    coffee-script-source (1.7.0)
    colorize (0.5.8)
    commonjs (0.2.7)
    compass (0.12.6)
      chunky_png (~> 1.2)
      fssm (>= 0.2.7)
      sass (~> 3.2.19)
    crack (0.4.2)
      safe_yaml (~> 1.0.0)
    diff-lcs (1.2.5)
    execjs (2.2.0)
    fssm (0.2.10)
    haml (4.0.5)
      tilt
    hike (1.2.3)
    httmultiparty (0.3.10)
      httparty (>= 0.7.3)
      multipart-post
    httparty (0.13.1)
      json (~> 1.8)
      multi_xml (>= 0.5.2)
    i18n (0.6.9)
    json (1.8.1)
    less (2.2.2)
      commonjs (~> 0.2.6)
    libv8 (3.11.8.17)
    logger (1.2.8)
    mime-types (1.25.1)
    multi_json (1.8.4)
    multi_xml (0.5.5)
    multipart-post (2.0.0)
    rack (1.5.2)
    rack-test (0.6.2)
      rack (>= 1.0)
    rake (0.9.2)
    ref (1.0.5)
    rspec (2.14.1)
      rspec-core (~> 2.14.0)
      rspec-expectations (~> 2.14.0)
      rspec-mocks (~> 2.14.0)
    rspec-core (2.14.8)
    rspec-expectations (2.14.5)
      diff-lcs (>= 1.1.3, < 2.0)
    rspec-mocks (2.14.6)
    ruby-debug-wrapper (0.0.1)
    safe_yaml (1.0.3)
    sass (3.2.19)
    sprockets (2.12.1)
      hike (~> 1.2)
      multi_json (~> 1.0)
      rack (~> 1.0)
      tilt (~> 1.1, != 1.3.0)
    sprockets-sass (1.1.0)
      sprockets (~> 2.0)
      tilt (~> 1.1)
    stringex (2.0.11)
    therubyracer (0.11.4)
      libv8 (~> 3.11.8.12)
      ref
    tilt (1.4.1)
    tzinfo (0.3.39)
    vcr (2.4.0)
    webmock (1.9.3)
      addressable (>= 2.2.7)
      crack (>= 0.3.2)
    zip (2.0.2)

PLATFORMS
  ruby

DEPENDENCIES
  locomotivecms_mounter!
  rack-test (~> 0.6.1)
  rake (= 0.9.2)
  rspec (~> 2.14.1)
  ruby-debug-wrapper (~> 0.0.1)
  therubyracer (~> 0.11.4)
  vcr (= 2.4.0)
  webmock (= 1.9.3)
